PATH
  remote: .
  specs:
    song_pro (0.1.9)
      markaby

GEM
  remote: https://rubygems.org/
  specs:
    builder (3.2.4)
    diff-lcs (1.4.4)
    markaby (0.9.0)
      builder
    rake (13.0.3)
    rspec (3.10.0)
      rspec-core (~> 3.10.0)
      rspec-expectations (~> 3.10.0)
      rspec-mocks (~> 3.10.0)
    rspec-core (3.10.1)
      rspec-support (~> 3.10.0)
    rspec-expectations (3.10.1)
      diff-lcs (>= 1.2.0, < 2.0)
      rspec-support (~> 3.10.0)
    rspec-mocks (3.10.2)
      diff-lcs (>= 1.2.0, < 2.0)
      rspec-support (~> 3.10.0)
    rspec-support (3.10.2)

PLATFORMS
  ruby

DEPENDENCIES
  bundler (>= 2.2.19)
  rake (~> 13.0)
  rspec (~> 3.8)
  song_pro!

BUNDLED WITH
   2.2.21
